GEM
  remote: https://rubygems.org/
  specs:
    httpclient (2.3.4.1)
    json (1.8.1)
    multi_json (1.8.4)
    neography (1.3.10)
      httpclient (>= 2.3.3)
      json (>= 1.7.7)
      multi_json (>= 1.3.2)
      os (>= 0.9.6)
      rake (>= 0.8.7)
      rubyzip (>= 1.0.0)
    os (0.9.6)
    rake (10.1.1)
    rubyzip (1.1.0)

PLATFORMS
  ruby

DEPENDENCIES
  neography
